PATH
  remote: .
  specs:
    merci (0.1.0)

GEM
  remote: https://rubygems.org/
  specs:
    minitest (5.13.0)
    rake (10.5.0)

PLATFORMS
  ruby

DEPENDENCIES
  bundler
  merci!
  minitest (~> 5.0)
  rake (~> 10.0)

BUNDLED WITH
   2.0.2
