PATH
  remote: .
  specs:
    merci (0.1.0)

GEM
  remote: https://rubygems.org/
  specs:
    minitest (5.13.0)
    rake (13.0.6)

PLATFORMS
  ruby

DEPENDENCIES
  bundler
  merci!
  minitest (~> 5.0)
  rake (~> 13.0)

BUNDLED WITH
   2.2.22
